GEM
  remote: http://rubygems.org/
  specs:
    SystemTimer (1.2.3)
    activesupport (2.3.5)
    backports (1.18.2)
    bson (1.1.5)
    bson_ext (1.1.5)
    crack (0.1.8)
    fastercsv (1.5.3)
    hpricot (0.8.2)
    httparty (0.6.1)
      crack (= 0.1.8)
    jnunemaker-validatable (1.8.4)
      activesupport (>= 2.3.4)
    json (1.4.6)
    kgio (2.6.0)
    mime-types (1.16)
    mongo (1.1.5)
      bson (>= 1.1.5)
    mongo_mapper (0.8.6)
      activesupport (>= 2.3.4)
      jnunemaker-validatable (~> 1.8.4)
      plucky (~> 0.3.6)
    monkey-lib (0.5.4)
      backports
    patron (0.4.11)
    plucky (0.3.6)
      mongo (~> 1.1)
    pony (0.6)
      mime-types (>= 1.16)
      tmail (~> 1.0)
    rack (1.3.0)
    raindrops (0.7.0)
    ruby-hmac (0.4.0)
    sinatra (1.0)
      rack (>= 1.0)
    sinatra-advanced-routes (0.5.1)
      monkey-lib (~> 0.5.0)
      sinatra (~> 1.0)
      sinatra-sugar (~> 0.5.0)
    sinatra-reloader (0.5.0)
      sinatra (~> 1.0)
      sinatra-advanced-routes (~> 0.5.0)
    sinatra-sugar (0.5.0)
      monkey-lib (~> 0.5.0)
      sinatra (~> 1.0)
    sunlight (1.0.7)
      json (>= 1.1.3)
      ym4r (>= 0.6.1)
    tmail (1.2.7.1)
    unicorn (4.1.1)
      kgio (~> 2.4)
      rack
      raindrops (~> 0.6)
    votesmart (0.3.3)
      patron (>= 0.4.6)
    wirble (0.1.3)
    ym4r (0.6.1)

PLATFORMS
  ruby

DEPENDENCIES
  SystemTimer (= 1.2.3)
  activesupport (= 2.3.5)
  bson_ext (= 1.1.5)
  fastercsv (= 1.5.3)
  hpricot (= 0.8.2)
  httparty (= 0.6.1)
  mongo (= 1.1.5)
  mongo_mapper (= 0.8.6)
  plucky (= 0.3.6)
  pony (= 0.6)
  rack (= 1.3.0)
  ruby-hmac (= 0.4.0)
  sinatra (= 1.0)
  sinatra-reloader
  sunlight (= 1.0.7)
  unicorn
  votesmart (= 0.3.3)
  wirble
